GEM
  remote: https://rubygems.org/
  specs:
    hashie (2.0.3)
    soda-ruby (0.2.2)
      hashie

PLATFORMS
  ruby

DEPENDENCIES
  soda-ruby
