GEM
  remote: https://rubygems.org/
  specs:
    hashie (2.0.5)
    highline (1.6.21)
    soda-ruby (0.2.10)
      hashie
    trollop (2.0)

PLATFORMS
  ruby

DEPENDENCIES
  highline
  soda-ruby
  trollop
